GIT
  remote: git://github.com/ai/r18n.git
  revision: ef224a383bc2f5d9d5f43cb3029c0e89220176d3
  specs:
    r18n-core (0.4.14)

GEM
  remote: http://rubygems.org/
  specs:
    diff-lcs (1.1.3)
    i18n (0.6.0)
    rake (0.9.2.2)
    redcarpet (2.1.1)
    rspec (2.10.0)
      rspec-core (~> 2.10.0)
      rspec-expectations (~> 2.10.0)
      rspec-mocks (~> 2.10.0)
    rspec-core (2.10.0)
    rspec-expectations (2.10.0)
      diff-lcs (~> 1.1.3)
    rspec-mocks (2.10.1)
    yard (0.8.1)

PLATFORMS
  ruby

DEPENDENCIES
  i18n
  r18n-core!
  rake
  redcarpet
  rspec
  yard
