GIT
  remote: git://github.com/ai/r18n.git
  revision: 8406fca2f74e003a29907ddd07b091a92f61bf7f
  specs:
    r18n-core (0.4.14)

GEM
  remote: http://rubygems.org/
  specs:
    diff-lcs (1.1.3)
    escape (0.0.4)
    i18n (0.6.0)
    rake (0.9.2.2)
    redcarpet (2.1.1)
    rmagick (2.13.1)
    rspec (2.10.0)
      rspec-core (~> 2.10.0)
      rspec-expectations (~> 2.10.0)
      rspec-mocks (~> 2.10.0)
    rspec-core (2.10.1)
    rspec-expectations (2.10.0)
      diff-lcs (~> 1.1.3)
    rspec-mocks (2.10.1)
    yard (0.8.2.1)

PLATFORMS
  ruby

DEPENDENCIES
  escape
  i18n
  r18n-core!
  rake
  redcarpet
  rmagick
  rmagick4j
  rspec
  yard
